GEM
  remote: https://rubygems.org/
  specs:
    faraday (1.10.3)
      faraday-em_http (~> 1.0)
      faraday-em_synchrony (~> 1.0)
      faraday-excon (~> 1.1)
      faraday-httpclient (~> 1.0)
      faraday-multipart (~> 1.0)
      faraday-net_http (~> 1.0)
      faraday-net_http_persistent (~> 1.0)
      faraday-patron (~> 1.0)
      faraday-rack (~> 1.0)
      faraday-retry (~> 1.0)
      ruby2_keywords (>= 0.0.4)
    faraday-em_http (1.0.0)
    faraday-em_synchrony (1.0.0)
    faraday-excon (1.1.0)
    faraday-httpclient (1.0.1)
    faraday-multipart (1.0.4)
      multipart-post (~> 2)
    faraday-net_http (1.0.1)
    faraday-net_http_persistent (1.2.0)
    faraday-patron (1.0.0)
    faraday-rack (1.0.0)
    faraday-retry (1.0.3)
    google-protobuf (3.22.2-x86_64-darwin)
    multipart-post (2.3.0)
    ruby2_keywords (0.0.5)
    twirp (1.10.0)
      faraday (< 3)
      google-protobuf (~> 3.0, >= 3.7.0)

PLATFORMS
  x86_64-darwin-22

DEPENDENCIES
  twirp

BUNDLED WITH
   2.4.6
